GIT
  remote: https://github.com/CocoaPods/CLAide.git
  revision: c4c75f833db97173fca7380890ed99affad2bbab
  branch: master
  specs:
    claide (0.6.1)

GIT
  remote: https://github.com/CocoaPods/Core.git
  revision: f557903817f29000819d4b1b754e6dd667587c30
  branch: master
  specs:
    cocoapods-core (0.33.1)
      activesupport (>= 3.2.15)
      fuzzy_match (~> 2.0.4)
      json_pure (~> 1.8)
      nap (~> 0.8.0)

GIT
  remote: https://github.com/CocoaPods/Xcodeproj.git
  revision: de62dd92e4f10b008711393a0a257dd5130ce948
  branch: master
  specs:
    xcodeproj (0.18.0)
      CFPropertyList (~> 2.2)
      activesupport (~> 3.0)
      colored (~> 1.2)

GIT
  remote: https://github.com/CocoaPods/cocoapods-downloader.git
  revision: a8710a42b1ce379fb2afe66ce9f98a08b58fb482
  branch: master
  specs:
    cocoapods-downloader (0.6.1)

GIT
  remote: https://github.com/CocoaPods/cocoapods-plugins.git
  revision: f1364dd91ea334e46b2f37455aef46147d14575a
  branch: master
  specs:
    cocoapods-plugins (0.2.0)
      nap

GIT
  remote: https://github.com/CocoaPods/cocoapods-trunk.git
  revision: 62bca8ec7073fc59d4137818bd78e0bbc8b1718f
  branch: master
  specs:
    cocoapods-trunk (0.1.4)
      json_pure (~> 1.8)
      nap (>= 0.8)
      netrc

GIT
  remote: https://github.com/CocoaPods/cocoapods-try.git
  revision: 59a225cd4dd1868da4be7c4cc870cae427f04bf9
  branch: master
  specs:
    cocoapods-try (0.3.0)

PATH
  remote: .
  specs:
    cocoapods (0.33.1)
      activesupport (>= 3.2.15, < 4)
      claide (~> 0.6.1)
      cocoapods-core (= 0.33.1)
      cocoapods-downloader (~> 0.6.1)
      cocoapods-plugins (~> 0.2.0)
      cocoapods-trunk (~> 0.1.4)
      cocoapods-try (~> 0.3.0)
      colored (~> 1.2)
      escape (~> 0.0.4)
      json_pure (~> 1.8)
      nap (~> 0.8)
      open4 (~> 1.3)
      xcodeproj (~> 0.18.0)

GEM
  remote: http://rubygems.org/
  specs:
    CFPropertyList (2.2.8)
    activesupport (3.2.19)
      i18n (~> 0.6, >= 0.6.4)
      multi_json (~> 1.0)
    addressable (2.3.6)
    ast (2.0.0)
    awesome_print (1.2.0)
    bacon (1.2.0)
    clintegracon (0.5.2)
      colored (~> 1.2)
      diffy
    coderay (1.1.0)
    colored (1.2)
    crack (0.4.2)
      safe_yaml (~> 1.0.0)
    diffy (3.0.6)
    escape (0.0.4)
    ffi (1.9.3)
    fuzzy_match (2.0.4)
    i18n (0.6.4)
    json_pure (1.8.1)
    kicker (3.0.0)
      listen (~> 1.3.0)
      notify (~> 0.5.2)
    libxml-ruby (2.7.0)
    listen (1.3.1)
      rb-fsevent (>= 0.9.3)
      rb-inotify (>= 0.9)
      rb-kqueue (>= 0.2)
    metaclass (0.0.4)
    method_source (0.8.2)
    mime-types (1.25.1)
    mocha (1.1.0)
      metaclass (~> 0.0.1)
    mocha-on-bacon (0.2.2)
      mocha (>= 0.13.0)
    multi_json (1.10.1)
    nap (0.8.0)
    netrc (0.7.7)
    notify (0.5.2)
    open4 (1.3.4)
    parser (2.2.0.pre.4)
      ast (>= 1.1, < 3.0)
      slop (~> 3.4, >= 3.4.5)
    powerpack (0.0.9)
    prettybacon (0.0.2)
      bacon (~> 1.2)
    pry (0.10.1)
      coderay (~> 1.1.0)
      method_source (~> 0.8.1)
      slop (~> 3.4)
    rainbow (2.0.0)
    rake (10.3.2)
    rb-fsevent (0.9.4)
    rb-inotify (0.9.5)
      ffi (>= 0.5.0)
    rb-kqueue (0.2.3)
      ffi (>= 0.5.0)
    rubocop (0.25.0)
      parser (>= 2.2.0.pre.4, < 3.0)
      powerpack (~> 0.0.6)
      rainbow (>= 1.99.1, < 3.0)
      ruby-progressbar (~> 1.4)
    ruby-progressbar (1.5.1)
    safe_yaml (1.0.3)
    slop (3.6.0)
    webmock (1.18.0)
      addressable (>= 2.3.6)
      crack (>= 0.3.2)

PLATFORMS
  ruby

DEPENDENCIES
  activesupport (< 4)
  awesome_print
  bacon
  bundler (~> 1.3)
  claide!
  clintegracon
  cocoapods!
  cocoapods-core!
  cocoapods-downloader!
  cocoapods-plugins!
  cocoapods-trunk!
  cocoapods-try!
  diffy
  i18n (= 0.6.4)
  kicker
  libxml-ruby
  mime-types (< 2.0)
  mocha
  mocha-on-bacon
  prettybacon
  pry
  rake
  rb-fsevent
  rubocop
  webmock
  xcodeproj!
